GIT
  remote: https://github.com/tstaetter/nanites
  revision: 843c3723a101e15a51dbddcd8a5729724f7ad79d
  branch: main
  specs:
    nanites (0.0.1)

GEM
  remote: https://rubygems.org/
  specs:
    activemodel (6.1.4.1)
      activesupport (= 6.1.4.1)
    activesupport (6.1.4.1)
      concurrent-ruby (~> 1.0, >= 1.0.2)
      i18n (>= 1.6, < 2)
      minitest (>= 5.1)
      tzinfo (~> 2.0)
      zeitwerk (~> 2.3)
    bson (4.12.1)
    concurrent-ruby (1.1.9)
    diff-lcs (1.4.4)
    docile (1.4.0)
    dotenv (2.7.6)
    e2mmap (0.1.0)
    factory_bot (6.2.0)
      activesupport (>= 5.0.0)
    google-protobuf (3.19.1-x86_64-darwin)
    googleapis-common-protos-types (1.3.0)
      google-protobuf (~> 3.14)
    grpc (1.41.1-universal-darwin)
      google-protobuf (~> 3.17)
      googleapis-common-protos-types (~> 1.0)
    grpc-tools (1.41.1)
    gruf (2.10.0)
      activesupport (> 4)
      concurrent-ruby (> 1)
      e2mmap (~> 0.1)
      grpc (~> 1.10)
      grpc-tools (~> 1.10)
      json (>= 2.3)
      slop (~> 4.6)
      thwait (~> 0.1)
    gruf-rspec (0.4.0)
      gruf (~> 2.5, >= 2.5.1)
      rspec (>= 3.8)
    i18n (1.8.11)
      concurrent-ruby (~> 1.0)
    json (2.6.1)
    minitest (5.14.4)
    mongo (2.17.0)
      bson (>= 4.8.2, < 5.0.0)
    mongoid (7.3.3)
      activemodel (>= 5.1, < 6.2)
      mongo (>= 2.10.5, < 3.0.0)
      ruby2_keywords (~> 0.0.5)
    mongoid-compatibility (0.5.1)
      activesupport
      mongoid (>= 2.0)
    mongoid-rspec (4.1.0)
      activesupport (>= 3.0.0)
      mongoid (>= 3.1)
      mongoid-compatibility (>= 0.5.1)
      rspec-core (~> 3.3)
      rspec-expectations (~> 3.3)
      rspec-mocks (~> 3.3)
    rspec (3.10.0)
      rspec-core (~> 3.10.0)
      rspec-expectations (~> 3.10.0)
      rspec-mocks (~> 3.10.0)
    rspec-core (3.10.1)
      rspec-support (~> 3.10.0)
    rspec-expectations (3.10.1)
      diff-lcs (>= 1.2.0, < 2.0)
      rspec-support (~> 3.10.0)
    rspec-mocks (3.10.2)
      diff-lcs (>= 1.2.0, < 2.0)
      rspec-support (~> 3.10.0)
    rspec-support (3.10.2)
    ruby2_keywords (0.0.5)
    simplecov (0.21.2)
      docile (~> 1.1)
      simplecov-html (~> 0.11)
      simplecov_json_formatter (~> 0.1)
    simplecov-html (0.12.3)
    simplecov_json_formatter (0.1.3)
    slop (4.9.1)
    thwait (0.2.0)
      e2mmap
    tzinfo (2.0.4)
      concurrent-ruby (~> 1.0)
    zeitwerk (2.5.1)

PLATFORMS
  x86_64-darwin-20

DEPENDENCIES
  dotenv
  factory_bot
  gruf (~> 2.10)
  gruf-rspec
  mongoid (~> 7.3.3)
  mongoid-rspec (~> 4.1.0)
  nanites!
  rspec
  simplecov

BUNDLED WITH
   2.2.22
